PATH
  remote: .
  specs:
    lago-expression (0.0.1)
      bigdecimal
      rake (~> 13)
      rake-compiler (~> 1.2)
      rb_sys (~> 0.9.63)

GEM
  remote: https://rubygems.org/
  specs:
    bigdecimal (3.1.8)
    diff-lcs (1.5.1)
    rake (13.2.1)
    rake-compiler (1.2.8)
      rake
    rb_sys (0.9.102)
    rspec (3.13.0)
      rspec-core (~> 3.13.0)
      rspec-expectations (~> 3.13.0)
      rspec-mocks (~> 3.13.0)
    rspec-core (3.13.1)
      rspec-support (~> 3.13.0)
    rspec-expectations (3.13.3)
      diff-lcs (>= 1.2.0, < 2.0)
      rspec-support (~> 3.13.0)
    rspec-mocks (3.13.2)
      diff-lcs (>= 1.2.0, < 2.0)
      rspec-support (~> 3.13.0)
    rspec-support (3.13.1)

PLATFORMS
  aarch64-linux
  arm64-darwin
  x86_64-darwin
  x86_64-linux
  x86_64-linux-musl

DEPENDENCIES
  lago-expression!
  rspec (~> 3)

RUBY VERSION
   ruby 3.3.5p100

BUNDLED WITH
   2.5.11
